PATH
  remote: .
  specs:
    ofac_sdn (0.1.3)
      nokogiri (~> 1.13.9)

GEM
  remote: https://rubygems.org/
  specs:
    byebug (11.1.3)
    coderay (1.1.3)
    method_source (1.0.0)
    mini_portile2 (2.8.2)
    minitest (5.18.0)
    nokogiri (1.13.10)
      mini_portile2 (~> 2.8.0)
      racc (~> 1.4)
    pry (0.14.2)
      coderay (~> 1.1)
      method_source (~> 1.0)
    pry-byebug (3.10.1)
      byebug (~> 11.0)
      pry (>= 0.13, < 0.15)
    racc (1.6.2)
    rake (13.0.6)

PLATFORMS
  arm64-darwin-22

DEPENDENCIES
  bundler (~> 2.4.10)
  minitest (~> 5.0)
  ofac_sdn!
  pry-byebug
  rake (~> 13.0.6)

BUNDLED WITH
   2.4.10
