PATH
  remote: .
  specs:
    ofac_sdn (0.1.0)
      nokogiri (~> 1.8.2)

GEM
  remote: https://rubygems.org/
  specs:
    byebug (10.0.2)
    coderay (1.1.1)
    method_source (0.9.0)
    mini_portile2 (2.3.0)
    minitest (5.10.2)
    nokogiri (1.8.2)
      mini_portile2 (~> 2.3.0)
    pry (0.11.3)
      coderay (~> 1.1.0)
      method_source (~> 0.9.0)
    pry-byebug (3.6.0)
      byebug (~> 10.0)
      pry (~> 0.10)
    rake (10.4.2)

PLATFORMS
  ruby

DEPENDENCIES
  bundler (~> 1.16)
  minitest (~> 5.0)
  ofac_sdn!
  pry-byebug
  rake (~> 10.0)

BUNDLED WITH
   1.16.1
